GEM
  remote: http://rubygems.org/
  specs:
    crack (0.3.2)
    httparty (0.10.2)
      multi_json (~> 1.0)
      multi_xml (>= 0.5.2)
    json_pure (1.7.7)
    mingle_party (0.0.2)
      crack
      httparty
    multi_json (1.7.2)
    multi_xml (0.5.3)
    rack (1.5.2)
    rack-cors (0.2.7)
      rack
    rack-protection (1.5.0)
      rack
    sinatra (1.4.2)
      rack (~> 1.5, >= 1.5.2)
      rack-protection (~> 1.4)
      tilt (~> 1.3, >= 1.3.4)
    sinatra-cross_origin (0.2.0)
    sinatra-jsonp (0.3.2)
      json_pure (~> 1.4)
      sinatra (~> 1.0)
    tilt (1.3.6)

PLATFORMS
  ruby

DEPENDENCIES
  mingle_party
  rack-cors
  sinatra
  sinatra-cross_origin
  sinatra-jsonp
